

GROUP Build
NUGET
  remote: http://www.nuget.org/api/v2
    FAKE (5.16)
    NuGet.CommandLine (5.3)
